GIT
  remote: git://github.com/spree/spree_fancy.git
  revision: 72eba8bd1a0582798568463efa7ea69313334ee5
  branch: 2-1-stable
  specs:
    spree_fancy (1.3.0)
      compass-rails (~> 2.0.alpha.0)
      deface (~> 1.0.0rc3)
      jquery-ui-rails
      spree_core (~> 2.1.0)

GIT
  remote: https://github.com/spree/spree_auth_devise.git
  revision: 8cd2b2d8e634dd17dd5e092880ad9165a7299f85
  branch: 2-1-stable
  specs:
    spree_auth_devise (2.1.0)
      cancan (~> 1.6.7)
      devise (~> 3.0.1)
      devise-encryptable (= 0.1.2)
      spree_backend (~> 2.1.0)
      spree_core (~> 2.1.0)
      spree_frontend (~> 2.1.0)

GIT
  remote: https://github.com/spree/spree_gateway.git
  revision: 73ebea8740f1b59e6da9bd1157aafce05cbfcf98
  branch: 2-1-stable
  specs:
    spree_gateway (2.1.0.beta)
      savon (~> 1.2)
      spree_core (~> 2.1)

GEM
  remote: https://rubygems.org/
  specs:
    actionmailer (4.0.0)
      actionpack (= 4.0.0)
      mail (~> 2.5.3)
    actionpack (4.0.0)
      activesupport (= 4.0.0)
      builder (~> 3.1.0)
      erubis (~> 2.7.0)
      rack (~> 1.5.2)
      rack-test (~> 0.6.2)
    active_utils (2.0.1)
      activesupport (>= 2.3.11)
      i18n
    activemerchant (1.34.0)
      active_utils (>= 1.0.2)
      activesupport (>= 2.3.14)
      builder (>= 2.0.0)
      i18n
      json (>= 1.5.1)
      money
      nokogiri
    activemodel (4.0.0)
      activesupport (= 4.0.0)
      builder (~> 3.1.0)
    activerecord (4.0.0)
      activemodel (= 4.0.0)
      activerecord-deprecated_finders (~> 1.0.2)
      activesupport (= 4.0.0)
      arel (~> 4.0.0)
    activerecord-deprecated_finders (1.0.3)
    activesupport (4.0.0)
      i18n (~> 0.6, >= 0.6.4)
      minitest (~> 4.2)
      multi_json (~> 1.3)
      thread_safe (~> 0.1)
      tzinfo (~> 0.3.37)
    acts_as_list (0.2.0)
      activerecord (>= 3.0)
    akami (1.2.0)
      gyoku (>= 0.4.0)
      nokogiri (>= 1.4.0)
    arel (4.0.0)
    atomic (1.1.14)
    awesome_nested_set (3.0.0.rc.2)
      activerecord (~> 4.0.0)
    aws-sdk (1.11.1)
      json (~> 1.4)
      nokogiri (>= 1.4.4)
      uuidtools (~> 2.1)
    bcrypt-ruby (3.1.2-x86-mingw32)
    bootstrap-sass (2.3.2.2)
      sass (~> 3.2)
    builder (3.1.4)
    cancan (1.6.10)
    canonical-rails (0.0.3)
      rails (>= 3.1, < 5.0)
    chunky_png (1.2.8)
    climate_control (0.0.3)
      activesupport (>= 3.0)
    cocaine (0.5.2)
      climate_control (>= 0.0.3, < 1.0)
    coffee-rails (4.0.0)
      coffee-script (>= 2.2.0)
      railties (>= 4.0.0.beta, < 5.0)
    coffee-script (2.2.0)
      coffee-script-source
      execjs
    coffee-script-source (1.6.3)
    colorize (0.6.0)
    compass (0.12.2)
      chunky_png (~> 1.2)
      fssm (>= 0.2.7)
      sass (~> 3.1)
    compass-rails (2.0.alpha.0)
      compass (>= 0.12.2, < 0.14)
    deface (1.0.0.rc4)
      colorize (>= 0.5.8)
      nokogiri (~> 1.6.0)
      rails (>= 3.1)
    devise (3.0.3)
      bcrypt-ruby (~> 3.0)
      orm_adapter (~> 0.1)
      railties (>= 3.2.6, < 5)
      warden (~> 1.2.3)
    devise-encryptable (0.1.2)
      devise (>= 2.1.0)
    erubis (2.7.0)
    execjs (2.0.2)
    ffaker (1.19.0)
    fssm (0.2.10)
    gyoku (0.4.6)
      builder (>= 2.1.2)
    highline (1.6.18)
    hike (1.2.3)
    httparty (0.11.0)
      multi_json (~> 1.0)
      multi_xml (>= 0.5.2)
    httpi (1.1.1)
      rack
    i18n (0.6.5)
    jbuilder (1.5.2)
      activesupport (>= 3.0.0)
      multi_json (>= 1.2.0)
    jquery-rails (3.0.4)
      railties (>= 3.0, < 5.0)
      thor (>= 0.14, < 2.0)
    jquery-ui-rails (4.0.5)
      railties (>= 3.1.0)
    json (1.8.0)
    kaminari (0.14.1)
      actionpack (>= 3.0.0)
      activesupport (>= 3.0.0)
    mail (2.5.4)
      mime-types (~> 1.16)
      treetop (~> 1.4.8)
    mime-types (1.25)
    mini_portile (0.5.1)
    minitest (4.7.5)
    money (5.1.1)
      i18n (~> 0.6.0)
    multi_json (1.8.1)
    multi_xml (0.5.5)
    nokogiri (1.6.0)
      mini_portile (~> 0.5.0)
    nokogiri (1.6.0-x86-mingw32)
      mini_portile (~> 0.5.0)
    nori (1.1.5)
    orm_adapter (0.4.0)
    paperclip (3.4.2)
      activemodel (>= 3.0.0)
      activerecord (>= 3.0.0)
      activesupport (>= 3.0.0)
      cocaine (~> 0.5.0)
      mime-types
    paranoia (2.0.0)
      activerecord (~> 4.0)
    polyamorous (0.6.4)
      activerecord (>= 3.0)
    polyglot (0.3.3)
    rabl (0.8.4)
      activesupport (>= 2.3.14)
    rack (1.5.2)
    rack-test (0.6.2)
      rack (>= 1.0)
    rails (4.0.0)
      actionmailer (= 4.0.0)
      actionpack (= 4.0.0)
      activerecord (= 4.0.0)
      activesupport (= 4.0.0)
      bundler (>= 1.3.0, < 2.0)
      railties (= 4.0.0)
      sprockets-rails (~> 2.0.0)
    railties (4.0.0)
      actionpack (= 4.0.0)
      activesupport (= 4.0.0)
      rake (>= 0.8.7)
      thor (>= 0.18.1, < 2.0)
    rake (10.1.0)
    ransack (1.0.0)
      actionpack (>= 3.0)
      activerecord (>= 3.0)
      polyamorous (~> 0.6.0)
    rdoc (3.12.2)
      json (~> 1.4)
    sass (3.2.12)
    sass-rails (4.0.0)
      railties (>= 4.0.0.beta, < 5.0)
      sass (>= 3.1.10)
      sprockets-rails (~> 2.0.0)
    savon (1.2.0)
      akami (~> 1.2.0)
      builder (>= 2.1.2)
      gyoku (~> 0.4.5)
      httpi (~> 1.1.0)
      nokogiri (>= 1.4.0)
      nori (~> 1.1.0)
      wasabi (~> 2.5.0)
    sdoc (0.3.20)
      json (>= 1.1.3)
      rdoc (~> 3.10)
    select2-rails (3.4.9)
      sass-rails
      thor (~> 0.14)
    spree (2.1.1)
      spree_api (= 2.1.1)
      spree_backend (= 2.1.1)
      spree_cmd (= 2.1.1)
      spree_core (= 2.1.1)
      spree_frontend (= 2.1.1)
      spree_sample (= 2.1.1)
    spree_api (2.1.1)
      rabl (= 0.8.4)
      spree_core (= 2.1.1)
      versioncake (~> 1.2.0)
    spree_backend (2.1.1)
      deface (>= 0.9.0)
      jquery-rails (~> 3.0.0)
      jquery-ui-rails (~> 4.0.0)
      select2-rails (~> 3.4.7)
      spree_api (= 2.1.1)
      spree_core (= 2.1.1)
    spree_cmd (2.1.1)
      thor (>= 0.14.6)
    spree_core (2.1.1)
      activemerchant (= 1.34.0)
      acts_as_list (= 0.2.0)
      awesome_nested_set (~> 3.0.0.rc.1)
      aws-sdk (= 1.11.1)
      cancan (~> 1.6.10)
      deface (>= 1.0.0.rc3)
      ffaker (~> 1.16)
      highline (= 1.6.18)
      httparty (~> 0.11)
      json (>= 1.7.7)
      kaminari (~> 0.14.1)
      money (= 5.1.1)
      paperclip (~> 3.4.1)
      paranoia (~> 2.0)
      rails (~> 4.0.0)
      ransack (= 1.0.0)
      state_machine (= 1.2.0)
      stringex (~> 1.5.1)
      truncate_html (= 0.9.2)
    spree_frontend (2.1.1)
      canonical-rails
      jquery-rails (~> 3.0.0)
      spree_api (= 2.1.1)
      spree_core (= 2.1.1)
      stringex (~> 1.5.1)
    spree_sample (2.1.1)
      spree_core (= 2.1.1)
    sprockets (2.10.0)
      hike (~> 1.2)
      multi_json (~> 1.0)
      rack (~> 1.0)
      tilt (~> 1.1, != 1.3.0)
    sprockets-rails (2.0.0)
      actionpack (>= 3.0)
      activesupport (>= 3.0)
      sprockets (~> 2.8)
    sqlite3 (1.3.8-x86-mingw32)
    state_machine (1.2.0)
    stringex (1.5.1)
    thor (0.18.1)
    thread_safe (0.1.3)
      atomic
    tilt (1.4.1)
    treetop (1.4.15)
      polyglot
      polyglot (>= 0.3.1)
    truncate_html (0.9.2)
    turbolinks (1.3.0)
      coffee-rails
    tzinfo (0.3.38)
    uglifier (2.2.1)
      execjs (>= 0.3.0)
      multi_json (~> 1.0, >= 1.0.2)
    uuidtools (2.1.4)
    versioncake (1.2.0)
      actionpack (>= 3.2)
      activesupport (>= 3.2)
      railties (>= 3.2)
      tzinfo
    warden (1.2.3)
      rack (>= 1.0)
    wasabi (2.5.1)
      httpi (~> 1.0)
      nokogiri (>= 1.4.0)

PLATFORMS
  x86-mingw32

DEPENDENCIES
  bootstrap-sass
  coffee-rails (~> 4.0.0)
  jbuilder (~> 1.2)
  jquery-rails
  rails (= 4.0.0)
  sass-rails (~> 4.0.0)
  sdoc
  spree (= 2.1.1)
  spree_auth_devise!
  spree_fancy!
  spree_gateway!
  sqlite3
  turbolinks
  uglifier (>= 1.3.0)
